GEM
  remote: https://rubygems.org/
  specs:
    addressable (2.8.6)
      public_suffix (>= 2.0.2, < 6.0)
    babosa (2.0.0)
    base64 (0.2.0)
    capybara (2.4.4)
      mime-types (>= 1.16)
      nokogiri (>= 1.3.3)
      rack (>= 1.0.0)
      rack-test (>= 0.5.4)
      xpath (~> 2.0)
    claide (1.1.0)
    claide-plugins (0.9.2)
      cork
      nap
      open4 (~> 1.3)
    cliver (0.3.2)
    colored (1.2)
    colored2 (3.1.2)
    commander (5.0.0)
      highline (~> 3.0.0)
    cork (0.3.0)
      colored2 (~> 3.1)
    credentials_manager (0.16.4)
      colored
      commander (>= 4.3.5)
      highline (>= 1.7.1)
      security
    danger (9.4.3)
      claide (~> 1.0)
      claide-plugins (>= 0.9.2)
      colored2 (~> 3.1)
      cork (~> 0.1)
      faraday (>= 0.9.0, < 3.0)
      faraday-http-cache (~> 2.0)
      git (~> 1.13)
      kramdown (~> 2.3)
      kramdown-parser-gfm (~> 1.0)
      no_proxy_fix
      octokit (>= 4.0)
      terminal-table (>= 1, < 4)
    danger-swiftlint (0.35.0)
      danger
      rake (> 10)
      thor (~> 1.0.0)
    danger-xcov (0.2.2)
      danger (>= 2.1)
      xcov (>= 0.9)
    dotenv (3.1.2)
    excon (0.45.4)
    faraday (2.9.0)
      faraday-net_http (>= 2.0, < 3.2)
    faraday-http-cache (2.5.1)
      faraday (>= 0.8)
    faraday-net_http (3.1.0)
      net-http
    fastlane_core (0.18.2)
      babosa
      capybara (~> 2.4.3)
      colored
      commander (>= 4.3.5)
      credentials_manager (>= 0.8.2, < 1.0.0)
      excon (~> 0.45.0)
      highline (>= 1.7.2)
      json
      multi_json
      phantomjs (~> 1.9.8)
      plist (~> 3.1)
      poltergeist (~> 1.5.1)
      rubyzip (~> 1.1.6)
    git (1.19.1)
      addressable (~> 2.8)
      rchardet (~> 1.8)
    highline (3.0.1)
    json (2.7.2)
    kramdown (2.4.0)
      rexml
    kramdown-parser-gfm (1.1.0)
      kramdown (~> 2.0)
    mime-types (3.5.2)
      mime-types-data (~> 3.2015)
    mime-types-data (3.2024.0507)
    multi_json (1.15.0)
    nap (1.1.0)
    net-http (0.4.1)
      uri
    no_proxy_fix (0.1.2)
    nokogiri (1.16.5-arm64-darwin)
      racc (~> 1.4)
    octokit (8.1.0)
      base64
      faraday (>= 1, < 3)
      sawyer (~> 0.9)
    open4 (1.3.4)
    phantomjs (1.9.8.0)
    plist (3.7.1)
    poltergeist (1.5.1)
      capybara (~> 2.1)
      cliver (~> 0.3.1)
      multi_json (~> 1.0)
      websocket-driver (>= 0.2.0)
    public_suffix (5.0.5)
    racc (1.7.3)
    rack (3.0.11)
    rack-test (2.1.0)
      rack (>= 1.3)
    rake (13.2.1)
    rchardet (1.8.0)
    rexml (3.2.8)
      strscan (>= 3.0.9)
    rouge (2.0.7)
    rubyzip (1.1.7)
    sawyer (0.9.2)
      addressable (>= 2.3.5)
      faraday (>= 0.17.3, < 3)
    security (0.1.5)
    slack-notifier (1.5.1)
    strscan (3.1.0)
    terminal-table (3.0.2)
      unicode-display_width (>= 1.1.1, < 3)
    thor (1.0.1)
    unicode-display_width (2.5.0)
    uri (0.13.0)
    websocket-driver (0.7.6)
      websocket-extensions (>= 0.1.0)
    websocket-extensions (0.1.5)
    xcov (0.12.3)
      fastlane_core (>= 0.7, < 1.0.0)
      slack-notifier (~> 1.3)
      terminal-table
    xcpretty (0.3.0)
      rouge (~> 2.0.7)
    xpath (2.1.0)
      nokogiri (~> 1.3)

PLATFORMS
  arm64-darwin-22

DEPENDENCIES
  danger
  danger-swiftlint
  danger-xcov
  dotenv
  xcpretty

BUNDLED WITH
   2.4.10
